GIT
  remote: https://github.com/WorkflowsOnRails/aasm_progressable.git
  revision: 1261bb85abec00964608a9ad0aab4caf231de9e8
  branch: master
  specs:
    aasm_progressable (1.0.0)
      aasm (~> 3.0)
      rails (~> 4.0)
      sass-rails (~> 4.0)

GIT
  remote: https://github.com/WorkflowsOnRails/rack_dav.git
  revision: bc344eaed13068960ecd606aaa2e88e96470542f
  branch: bc344eaed13068960ecd606aaa2e88e96470542f
  specs:
    rack_dav (0.3.1)
      nokogiri
      rack (>= 1.4.0)

PATH
  remote: ../aasm_statecharts/
  specs:
    aasm_statecharts (1.0.0)
      aasm (~> 3.0)
      rails (~> 4.0)
      ruby-graphviz (~> 1.0)

GEM
  remote: https://rubygems.org/
  specs:
    aasm (3.0.26)
    actionmailer (4.0.2)
      actionpack (= 4.0.2)
      mail (~> 2.5.4)
    actionpack (4.0.2)
      activesupport (= 4.0.2)
      builder (~> 3.1.0)
      erubis (~> 2.7.0)
      rack (~> 1.5.2)
      rack-test (~> 0.6.2)
    activemodel (4.0.2)
      activesupport (= 4.0.2)
      builder (~> 3.1.0)
    activerecord (4.0.2)
      activemodel (= 4.0.2)
      activerecord-deprecated_finders (~> 1.0.2)
      activesupport (= 4.0.2)
      arel (~> 4.0.0)
    activerecord-deprecated_finders (1.0.3)
    activesupport (4.0.2)
      i18n (~> 0.6, >= 0.6.4)
      minitest (~> 4.2)
      multi_json (~> 1.3)
      thread_safe (~> 0.1)
      tzinfo (~> 0.3.37)
    anjlab-bootstrap-rails (3.0.3.0)
      railties (>= 3.0)
      sass (>= 3.2)
    annotate (2.6.1)
      activerecord (>= 2.3.0)
      rake (>= 0.8.7)
    arel (4.0.2)
    atomic (1.1.15)
    bcrypt-ruby (3.1.2)
    better_errors (1.1.0)
      coderay (>= 1.0.0)
      erubis (>= 2.6.6)
    binding_of_caller (0.7.2)
      debug_inspector (>= 0.0.1)
    builder (3.1.4)
    capistrano (3.1.0)
      i18n
      rake (>= 10.0.0)
      sshkit (~> 1.3)
    capistrano-bundler (1.1.1)
      capistrano (~> 3.0)
      sshkit (>= 1.2.0)
    capistrano-rails (1.1.1)
      capistrano (~> 3.1)
      capistrano-bundler (~> 1.1)
    capybara (2.2.1)
      mime-types (>= 1.16)
      nokogiri (>= 1.3.3)
      rack (>= 1.0.0)
      rack-test (>= 0.5.4)
      xpath (~> 2.0)
    climate_control (0.0.3)
      activesupport (>= 3.0)
    cocaine (0.5.3)
      climate_control (>= 0.0.3, < 1.0)
    coderay (1.1.0)
    coffee-rails (4.0.1)
      coffee-script (>= 2.2.0)
      railties (>= 4.0.0, < 5.0)
    coffee-script (2.2.0)
      coffee-script-source
      execjs
    coffee-script-source (1.7.0)
    columnize (0.3.6)
    database_cleaner (1.2.0)
    debug_inspector (0.0.2)
    debugger (1.6.5)
      columnize (>= 0.3.1)
      debugger-linecache (~> 1.2.0)
      debugger-ruby_core_source (~> 1.3.1)
    debugger-linecache (1.2.0)
    debugger-ruby_core_source (1.3.1)
    devise (3.1.2)
      bcrypt-ruby (~> 3.0)
      orm_adapter (~> 0.1)
      railties (>= 3.2.6, < 5)
      thread_safe (~> 0.1)
      warden (~> 1.2.3)
    docile (1.1.3)
    dotenv (0.9.0)
    erubis (2.7.0)
    execjs (2.0.2)
    factory_girl (4.3.0)
      activesupport (>= 3.0.0)
    factory_girl_rails (4.3.0)
      factory_girl (~> 4.3.0)
      railties (>= 3.0.0)
    foreman (0.63.0)
      dotenv (>= 0.7)
      thor (>= 0.13.6)
    high_voltage (2.1.0)
    hike (1.2.3)
    i18n (0.6.9)
    interception (0.4)
    jbuilder (1.5.3)
      activesupport (>= 3.0.0)
      multi_json (>= 1.2.0)
    jquery-rails (3.1.0)
      railties (>= 3.0, < 5.0)
      thor (>= 0.14, < 2.0)
    jquery-turbolinks (2.0.1)
      railties (>= 3.1.0)
      turbolinks
    json (1.8.1)
    kramdown (1.3.2)
    local_time (0.2.0)
      coffee-rails
    mail (2.5.4)
      mime-types (~> 1.16)
      treetop (~> 1.4.8)
    method_source (0.8.2)
    mime-types (1.25.1)
    mini_portile (0.5.2)
    minitest (4.7.5)
    multi_json (1.9.0)
    net-scp (1.1.2)
      net-ssh (>= 2.6.5)
    net-ssh (2.8.0)
    nokogiri (1.6.1)
      mini_portile (~> 0.5.0)
    orm_adapter (0.5.0)
    paperclip (3.5.4)
      activemodel (>= 3.0.0)
      activesupport (>= 3.0.0)
      cocaine (~> 0.5.3)
      mime-types
    pg (0.17.1)
    polyglot (0.3.4)
    pry (0.9.12.6)
      coderay (~> 1.0)
      method_source (~> 0.8)
      slop (~> 3.4)
    pry-debugger (0.2.2)
      debugger (~> 1.3)
      pry (~> 0.9.10)
    pry-doc (0.5.1)
      pry (>= 0.9)
      yard (>= 0.8)
    pry-rails (0.3.2)
      pry (>= 0.9.10)
    pry-rescue (1.3.1)
      interception (>= 0.4)
      pry
    pry-stack_explorer (0.4.9.1)
      binding_of_caller (>= 0.7)
      pry (>= 0.9.11)
    puma (2.7.1)
      rack (>= 1.1, < 2.0)
    pundit (0.2.2)
      activesupport (>= 3.0.0)
    rack (1.5.2)
    rack-test (0.6.2)
      rack (>= 1.0)
    rails (4.0.2)
      actionmailer (= 4.0.2)
      actionpack (= 4.0.2)
      activerecord (= 4.0.2)
      activesupport (= 4.0.2)
      bundler (>= 1.3.0, < 2.0)
      railties (= 4.0.2)
      sprockets-rails (~> 2.0.0)
    railties (4.0.2)
      actionpack (= 4.0.2)
      activesupport (= 4.0.2)
      rake (>= 0.8.7)
      thor (>= 0.18.1, < 2.0)
    rake (10.1.1)
    random_data (1.6.0)
    rdoc (4.1.1)
      json (~> 1.4)
    responders (1.0.0)
      railties (>= 3.2, < 5)
    ruby-graphviz (1.0.9)
    sanitize (2.1.0)
      nokogiri (>= 1.4.4)
    sass (3.2.14)
    sass-rails (4.0.1)
      railties (>= 4.0.0, < 5.0)
      sass (>= 3.1.10)
      sprockets-rails (~> 2.0.0)
    sdoc (0.4.0)
      json (~> 1.8)
      rdoc (~> 4.0, < 5.0)
    simple_form (3.0.1)
      actionpack (>= 4.0.0, < 4.1)
      activemodel (>= 4.0.0, < 4.1)
    simplecov (0.8.2)
      docile (~> 1.1.0)
      multi_json
      simplecov-html (~> 0.8.0)
    simplecov-html (0.8.0)
    slop (3.4.7)
    spring (1.1.1)
    sprockets (2.11.0)
      hike (~> 1.2)
      multi_json (~> 1.0)
      rack (~> 1.0)
      tilt (~> 1.1, != 1.3.0)
    sprockets-rails (2.0.1)
      actionpack (>= 3.0)
      activesupport (>= 3.0)
      sprockets (~> 2.8)
    sqlite3 (1.3.8)
    sshkit (1.3.0)
      net-scp (>= 1.1.2)
      net-ssh
      term-ansicolor
    term-ansicolor (1.3.0)
      tins (~> 1.0)
    thor (0.18.1)
    thread_safe (0.2.0)
      atomic (>= 1.1.7, < 2)
    tilt (1.4.1)
    timecop (0.7.1)
    tins (1.0.0)
    treetop (1.4.15)
      polyglot
      polyglot (>= 0.3.1)
    turbolinks (2.2.1)
      coffee-rails
    tzinfo (0.3.38)
    uglifier (2.4.0)
      execjs (>= 0.3.0)
      json (>= 1.8.0)
    warden (1.2.3)
      rack (>= 1.0)
    will_paginate (3.0.5)
    xpath (2.0.0)
      nokogiri (~> 1.3)
    yard (0.8.7.3)

PLATFORMS
  ruby

DEPENDENCIES
  aasm (~> 3.0.0)
  aasm_progressable!
  aasm_statecharts!
  anjlab-bootstrap-rails (>= 3.0.0.0)
  annotate (>= 2.5.0)
  better_errors
  binding_of_caller
  capistrano
  capistrano-bundler
  capistrano-rails
  capybara
  coffee-rails (~> 4.0.0)
  database_cleaner
  devise (~> 3.1.1)
  factory_girl_rails (~> 4.0)
  foreman
  high_voltage (~> 2.1.0)
  jbuilder (~> 1.2)
  jquery-rails
  jquery-turbolinks
  kramdown
  local_time
  paperclip (~> 3.0)
  pg
  pry
  pry-debugger
  pry-doc
  pry-rails
  pry-rescue
  pry-stack_explorer
  puma
  pundit
  rack_dav!
  rails (= 4.0.2)
  random_data
  responders
  sanitize
  sass-rails (~> 4.0.0)
  sdoc
  simple_form (~> 3.0.0rc)
  simplecov
  spring
  sqlite3
  timecop
  turbolinks
  uglifier (>= 1.3.0)
  will_paginate (~> 3.0.0)
